GEM
  remote: http://rubygems.org/
  specs:
    faraday (0.15.3)
      multipart-post (>= 1.2, < 3)
    multipart-post (2.0.0)
    ocra (1.3.10)
    sentry-raven (2.7.4)
      faraday (>= 0.7.6, < 1.0)

PLATFORMS
  x64-mingw32

DEPENDENCIES
  ocra (~> 1.3, >= 1.3.10)
  sentry-raven (~> 2.7, >= 2.7.4)

BUNDLED WITH
   1.17.1
